GEM
  remote: http://rubygems.org/
  specs:
    bson (1.7.1)
    cssmin (1.0.2)
    haml (3.1.7)
    jsmin (1.0.1)
    mongo (1.7.1)
      bson (~> 1.7.1)
    rack (1.4.1)
    rack-protection (1.2.0)
      rack
    sinatra (1.3.3)
      rack (~> 1.3, >= 1.3.6)
      rack-protection (~> 1.2)
      tilt (~> 1.3, >= 1.3.3)
    tilt (1.3.3)

PLATFORMS
  ruby

DEPENDENCIES
  cssmin
  haml
  jsmin
  mongo
  sinatra (~> 1.1)
